GIT
  remote: https://github.com/NREL/pycall.rb.git
  revision: 5d60b274ac646cdb422a436aad98b40ef8b902b8
  ref: 5d60b274ac646cdb422a436aad98b40ef8b902b8
  specs:
    pycall (1.2.1)

GIT
  remote: https://github.com/jmarrec/jaro_winkler.git
  revision: f1ca425fdef06603e5c65b09c5b681f805e1e297
  ref: f1ca425fdef06603e5c65b09c5b681f805e1e297
  specs:
    jaro_winkler (1.5.4)

GIT
  remote: https://github.com/jmarrec/sqlite3-ruby.git
  revision: 69bbc8f978e432d7db4eb786cf4bd480df3e71d2
  ref: MSVC_support
  specs:
    sqlite3 (1.3.13.20180326210955)

GIT
  remote: https://github.com/rd2/tbd.git
  revision: 56f4daf61da39b35d849ee4bce224737b7ce684b
  ref: v3.2.2
  specs:
    tbd (3.2.2)
      json-schema (~> 2.7.0)
      osut (~> 0)
      topolys (~> 0)

PATH
  remote: .
  specs:
    openstudio-gems (3.6.0)
      openstudio-extension (= 0.6.0)
      openstudio-workflow (= 2.3.1)
      openstudio_measure_tester (~> 0.3.2)
      parallel (= 1.19.1)

GEM
  remote: http://rubygems.org/
  specs:
    addressable (2.8.1)
      public_suffix (>= 2.0.2, < 6.0)
    ansi (1.5.0)
    ast (2.4.2)
    bcl (0.7.1)
      builder (= 3.2.4)
      faraday (~> 1.0.1)
      minitar (~> 0.9)
      openstudio_measure_tester (~> 0.3.1)
      rexml (= 3.2.5)
      rubyzip (~> 2.3.2)
      spreadsheet (= 1.2.9)
      uuid (~> 2.3.9)
      yamler (= 0.1.0)
      zliby (= 0.0.5)
    builder (3.2.4)
    docile (1.4.0)
    faraday (1.0.1)
      multipart-post (>= 1.2, < 3)
    git (1.12.0)
      addressable (~> 2.8)
      rchardet (~> 1.8)
    json-schema (2.7.0)
      addressable (>= 2.4)
    macaddr (1.7.2)
      systemu (~> 2.6.5)
    matrix (0.4.2)
    minitar (0.9)
    minitest (5.14.4)
    minitest-reporters (1.4.3)
      ansi
      builder
      minitest (>= 5.0)
      ruby-progressbar
    msgpack (1.4.2)
    multipart-post (2.3.0)
    octokit (4.18.0)
      faraday (>= 0.9)
      sawyer (~> 0.8.0, >= 0.5.3)
    oga (3.2)
      ast
      ruby-ll (~> 2.1)
    openstudio-extension (0.6.0)
      bcl (~> 0.7.1)
      bundler (~> 2.1.0)
      octokit (~> 4.18.0)
      openstudio-workflow (~> 2.3.0)
      openstudio_measure_tester (~> 0.3.1)
      parallel (~> 1.19.1)
    openstudio-standards (0.4.0)
      tbd (~> 3)
    openstudio-workflow (2.3.1)
    openstudio_measure_tester (0.3.2)
      git (~> 1.12.0)
      minitest (~> 5.14.0)
      minitest-reporters (~> 1.4.2)
      rake (~> 13.0)
      rubocop (~> 1.15.0)
      rubocop-checkstyle_formatter (~> 0.4.0)
      rubocop-performance (~> 1.11.3)
      simplecov (~> 0.18.2)
    oslg (0.2.6)
    osut (0.2.8)
      oslg (~> 0)
    parallel (1.19.1)
    parser (3.2.2.1)
      ast (~> 2.4.1)
    public_suffix (5.0.1)
    rainbow (3.1.1)
    rake (13.0.6)
    rchardet (1.8.0)
    regexp_parser (2.8.0)
    rexml (3.2.5)
    rubocop (1.15.0)
      parallel (~> 1.10)
      parser (>= 3.0.0.0)
      rainbow (>= 2.2.2, < 4.0)
      regexp_parser (>= 1.8, < 3.0)
      rexml
      rubocop-ast (>= 1.5.0, < 2.0)
      ruby-progressbar (~> 1.7)
      unicode-display_width (>= 1.4.0, < 3.0)
    rubocop-ast (1.28.1)
      parser (>= 3.2.1.0)
    rubocop-checkstyle_formatter (0.4.0)
      rubocop (>= 0.35.1)
    rubocop-performance (1.11.5)
      rubocop (>= 1.7.0, < 2.0)
      rubocop-ast (>= 0.4.0)
    ruby-ll (2.1.2)
      ansi
      ast
    ruby-ole (1.2.12.2)
    ruby-progressbar (1.13.0)
    rubyzip (2.3.2)
    sawyer (0.8.2)
      addressable (>= 2.3.5)
      faraday (> 0.8, < 2.0)
    simplecov (0.18.5)
      docile (~> 1.1)
      simplecov-html (~> 0.11)
    simplecov-html (0.12.3)
    spreadsheet (1.2.9)
      ruby-ole
    systemu (2.6.5)
    topolys (0.6.1)
      matrix
    unicode-display_width (2.4.2)
    uuid (2.3.9)
      macaddr (~> 1.0)
    yamler (0.1.0)
    zliby (0.0.5)

PLATFORMS
  ruby

DEPENDENCIES
  addressable (= 2.8.1)
  bundler (>= 2.1.0)
  jaro_winkler (= 1.5.4)!
  msgpack (= 1.4.2)
  oga (= 3.2)
  openstudio-extension (= 0.6.0)
  openstudio-gems!
  openstudio-standards (= 0.4.0)
  openstudio-workflow (= 2.3.1)
  openstudio_measure_tester (= 0.3.2)
  pycall (= 1.2.1)!
  rake (~> 13.0)
  sqlite3!
  tbd!

RUBY VERSION
   ruby 2.7.2p137

BUNDLED WITH
   2.1.4
